GIT
  remote: git://github.com/railslove/faraday.git
  revision: 1c4337bfd46a0a524ec510daf8d9ab21df645767
  branch: hacking
  specs:
    faraday (0.5.3)
      addressable (~> 2.2.2)
      multipart-post (~> 1.0.1)
      rack (>= 1.1.0, < 2)

PATH
  remote: .
  specs:
    freckly (0.0.3)
      faraday_middleware (~> 0.3.0)
      hashie (~> 0.4.0)
      multi_xml (~> 0.2.0)

GEM
  remote: http://rubygems.org/
  specs:
    addressable (2.2.2)
    crack (0.1.8)
    diff-lcs (1.1.2)
    faraday_middleware (0.3.1)
      faraday (~> 0.5.3)
    hashie (0.4.0)
    multi_xml (0.2.2)
    multipart-post (1.0.1)
    rack (1.2.1)
    rake (0.8.7)
    rspec (2.1.0)
      rspec-core (~> 2.1.0)
      rspec-expectations (~> 2.1.0)
      rspec-mocks (~> 2.1.0)
    rspec-core (2.1.0)
    rspec-expectations (2.1.0)
      diff-lcs (~> 1.1.2)
    rspec-mocks (2.1.0)
    webmock (1.6.1)
      addressable (>= 2.2.2)
      crack (>= 0.1.7)

PLATFORMS
  ruby

DEPENDENCIES
  faraday!
  freckly!
  rake (~> 0.8.7)
  rspec (~> 2.1.0)
  webmock (~> 1.6.1)
